GEM
  remote: https://rubygems.org/
  specs:
    addressable (2.7.0)
      public_suffix (>= 2.0.2, < 5.0)
    adsf (1.4.2)
      rack (>= 1.0.0, < 3.0.0)
    concurrent-ruby (1.1.5)
    cri (2.15.9)
    ddmemoize (1.0.0)
      ddmetrics (~> 1.0)
      ref (~> 2.0)
    ddmetrics (1.0.1)
    ddplugin (1.0.2)
    haml (5.1.2)
      temple (>= 0.8.0)
      tilt
    hamster (3.0.0)
      concurrent-ruby (~> 1.0)
    kramdown (2.3.0)
      rexml
    mime-types (3.3)
      mime-types-data (~> 3.2015)
    mime-types-data (3.2019.1009)
    mini_portile2 (2.4.0)
    nanoc (4.9.6)
      addressable (~> 2.5)
      cri (~> 2.15)
      ddmemoize (~> 1.0)
      ddmetrics (~> 1.0)
      ddplugin (~> 1.0)
      hamster (~> 3.0)
      parallel (~> 1.12)
      ref (~> 2.0)
      slow_enumerator_tools (~> 1.0)
      tomlrb (~> 1.2)
    nokogiri (1.10.8)
      mini_portile2 (~> 2.4.0)
    parallel (1.18.0)
    public_suffix (4.0.1)
    pygmentize (0.0.3)
    rack (2.0.7)
    rake (13.0.0)
    ref (2.0.0)
    rexml (3.2.4)
    rubyzip (1.3.0)
    slow_enumerator_tools (1.1.0)
    systemu (2.6.5)
    temple (0.8.2)
    tilt (2.0.10)
    tomlrb (1.2.8)
    yajl-ruby (1.4.1)

PLATFORMS
  ruby

DEPENDENCIES
  adsf
  haml
  kramdown
  mime-types
  nanoc
  nokogiri
  pygmentize
  rake
  rubyzip
  systemu
  yajl-ruby

BUNDLED WITH
   1.16.1
